GEM
  remote: http://rubygems.org/
  specs:
    activesupport (3.2.3)
      i18n (~> 0.6)
      multi_json (~> 1.0)
    addressable (2.2.8)
    bcrypt-ruby (3.0.1)
    builder (3.1.2)
    capistrano (2.12.0)
      highline
      net-scp (>= 1.0.0)
      net-sftp (>= 2.0.0)
      net-ssh (>= 2.0.14)
      net-ssh-gateway (>= 1.1.0)
    daemons (1.1.8)
    data_mapper (1.2.0)
      dm-aggregates (~> 1.2.0)
      dm-constraints (~> 1.2.0)
      dm-core (~> 1.2.0)
      dm-migrations (~> 1.2.0)
      dm-serializer (~> 1.2.0)
      dm-timestamps (~> 1.2.0)
      dm-transactions (~> 1.2.0)
      dm-types (~> 1.2.0)
      dm-validations (~> 1.2.0)
    data_objects (0.10.8)
      addressable (~> 2.1)
    dm-aggregates (1.2.0)
      dm-core (~> 1.2.0)
    dm-constraints (1.2.0)
      dm-core (~> 1.2.0)
    dm-core (1.2.0)
      addressable (~> 2.2.6)
    dm-do-adapter (1.2.0)
      data_objects (~> 0.10.6)
      dm-core (~> 1.2.0)
    dm-migrations (1.2.0)
      dm-core (~> 1.2.0)
    dm-postgres-adapter (1.2.0)
      dm-do-adapter (~> 1.2.0)
      do_postgres (~> 0.10.6)
    dm-serializer (1.2.1)
      dm-core (~> 1.2.0)
      fastercsv (~> 1.5.4)
      json (~> 1.6.1)
      json_pure (~> 1.6.1)
      multi_json (~> 1.0.3)
    dm-sqlite-adapter (1.2.0)
      dm-do-adapter (~> 1.2.0)
      do_sqlite3 (~> 0.10.6)
    dm-timestamps (1.2.0)
      dm-core (~> 1.2.0)
    dm-transactions (1.2.0)
      dm-core (~> 1.2.0)
    dm-types (1.2.1)
      bcrypt-ruby (~> 3.0.0)
      dm-core (~> 1.2.0)
      fastercsv (~> 1.5.4)
      json (~> 1.6.1)
      multi_json (~> 1.0.3)
      stringex (~> 1.3.0)
      uuidtools (~> 2.1.2)
    dm-validations (1.2.0)
      dm-core (~> 1.2.0)
    do_postgres (0.10.8)
      data_objects (= 0.10.8)
    do_sqlite3 (0.10.8)
      data_objects (= 0.10.8)
    eventmachine (0.12.10)
    fastercsv (1.5.5)
    highline (1.6.12)
    i18n (0.6.0)
    jruby-pageant (1.0.2)
    json (1.6.7)
    json_pure (1.6.7)
    jwt (0.1.5)
      multi_json (>= 1.0)
    mime-types (1.18)
    multi_json (1.0.4)
    net-scp (1.0.4)
      net-ssh (>= 1.99.1)
    net-sftp (2.0.5)
      net-ssh (>= 2.0.9)
    net-ssh (2.4.0)
      jruby-pageant (>= 1.0.2)
    net-ssh-gateway (1.1.0)
      net-ssh (>= 1.99.1)
    pg (0.14.1)
    rack (1.4.1)
    rack-protection (1.2.0)
      rack
    rake (0.9.2.2)
    rest-client (1.6.7)
      mime-types (>= 1.16)
    sinatra (1.3.2)
      rack (~> 1.3, >= 1.3.6)
      rack-protection (~> 1.2)
      tilt (~> 1.3, >= 1.3.3)
    stringex (1.3.3)
    thin (1.3.1)
      daemons (>= 1.0.9)
      eventmachine (>= 0.12.6)
      rack (>= 1.0.0)
    tilt (1.3.3)
    twilio-ruby (3.6.0)
      builder (>= 2.1.2)
      jwt (>= 0.1.2)
      multi_json (>= 1.0.3)
    uuidtools (2.1.2)

PLATFORMS
  ruby

DEPENDENCIES
  activesupport
  bundler
  capistrano
  data_mapper
  dm-postgres-adapter
  dm-sqlite-adapter
  dm-transactions
  json
  pg
  rack
  rake
  rest-client
  sinatra
  thin
  twilio-ruby
